GEM
  remote: https://rubygems.org/
  specs:
    rack (1.6.5)
    rack-protection (1.5.3)
      rack
    sinatra (1.4.8)
      rack (~> 1.5)
      rack-protection (~> 1.4)
      tilt (>= 1.3, < 3)
    tilt (2.0.7)

PLATFORMS
  x86-mingw32

DEPENDENCIES
  sinatra (~> 1.4.0)

RUBY VERSION
   ruby 2.2.6p396

BUNDLED WITH
   1.14.6
